GEM
  remote: https://rubygems.org/
  specs:
    cuba (3.6.0)
      rack (~> 1.6.0)
    geocoder (1.3.6)
    kgio (2.10.0)
    oj (2.15.1)
    rack (1.6.4)
    raindrops (0.16.0)
    tilt (2.0.5)
    unicorn (5.1.0)
      kgio (~> 2.6)
      raindrops (~> 0.7)

PLATFORMS
  ruby

DEPENDENCIES
  cuba
  geocoder
  oj
  tilt
  unicorn

BUNDLED WITH
   1.12.3
