GEM
  remote: https://rubygems.org/
  specs:
    cuba (3.1.0)
      rack
    faraday (0.8.7)
      multipart-post (~> 1.1)
    faraday_middleware (0.9.0)
      faraday (>= 0.7.4, < 0.9)
    hashie (2.0.5)
    instagram (0.10.0)
      faraday (>= 0.7, < 0.9)
      faraday_middleware (~> 0.8)
      hashie (>= 0.4.0)
      multi_json (~> 1.0, >= 1.0.3)
    multi_json (1.7.3)
    multipart-post (1.2.0)
    rack (1.5.2)

PLATFORMS
  ruby

DEPENDENCIES
  cuba
  instagram
