GEM
  remote: https://rubygems.org/
  specs:
    cuba (3.1.0)
      rack
    faraday (0.8.7)
      multipart-post (~> 1.1)
    faraday_middleware (0.9.0)
      faraday (>= 0.7.4, < 0.9)
    geocoder (1.1.8)
    hashie (2.0.5)
    instagram (0.10.0)
      faraday (>= 0.7, < 0.9)
      faraday_middleware (~> 0.8)
      hashie (>= 0.4.0)
      multi_json (~> 1.0, >= 1.0.3)
    kgio (2.8.0)
    multi_json (1.7.3)
    multipart-post (1.2.0)
    rack (1.5.2)
    raindrops (0.10.0)
    tilt (1.3.6)
    unicorn (4.6.0)
      kgio (~> 2.6)
      rack
      raindrops (~> 0.7)

PLATFORMS
  ruby

DEPENDENCIES
  cuba
  geocoder
  instagram
  tilt
  unicorn
